GEM
  remote: https://rubygems.org/
  specs:
    influxdb-client (3.1.0)

PLATFORMS
  ruby

DEPENDENCIES
  influxdb-client
